GEM
  remote: http://rubygems.org/
  specs:
    activemodel (3.0.7)
      activesupport (= 3.0.7)
      builder (~> 2.1.2)
      i18n (~> 0.5.0)
    activesupport (3.0.7)
    backports (2.2.1)
    bson (1.3.1)
    builder (2.1.2)
    factory_girl (1.3.3)
    haml (3.1.1)
    i18n (0.5.0)
    minitest (2.1.0)
    mongo (1.3.1)
      bson (>= 1.3.1)
    mongo_mapper (0.9.1)
      activemodel (~> 3.0)
      activesupport (~> 3.0)
      plucky (~> 0.3.8)
    monkey-lib (0.5.4)
      backports
    plucky (0.3.8)
      mongo (~> 1.3)
    rack (1.3.0)
    rack-test (0.6.0)
      rack (>= 1.0)
    sass (3.1.1)
    sinatra (1.2.6)
      rack (~> 1.1)
      tilt (< 2.0, >= 1.2.2)
    sinatra-advanced-routes (0.5.1)
      monkey-lib (~> 0.5.0)
      sinatra (~> 1.0)
      sinatra-sugar (~> 0.5.0)
    sinatra-reloader (0.5.0)
      sinatra (~> 1.0)
      sinatra-advanced-routes (~> 0.5.0)
    sinatra-sugar (0.5.1)
      monkey-lib (~> 0.5.0)
      sinatra (~> 1.0)
    tilt (1.3.2)

PLATFORMS
  ruby

DEPENDENCIES
  factory_girl
  haml
  minitest
  mongo_mapper
  rack-test
  sass
  sinatra
  sinatra-reloader
