GIT
  remote: https://burningTyger@github.com/burningTyger/mm-versionable.git
  revision: db50731fce7508ff0ff7d364da437ea8cb97715d
  specs:
    mm-versionable (0.2.6)
      bson
      builder
      differ
      i18n
      mongo_mapper (>= 0.9.0)

GIT
  remote: https://github.com/brynary/rack-test.git
  revision: cab8eb929b45d9e32474fad1b6806c2ab8f6bea8
  specs:
    rack-test (0.6.1)
      rack (>= 1.0)

GEM
  remote: http://rubygems.org/
  specs:
    activemodel (3.2.2)
      activesupport (= 3.2.2)
      builder (~> 3.0.0)
    activesupport (3.2.2)
      i18n (~> 0.6)
      multi_json (~> 1.0)
    backports (2.3.0)
    bcrypt-ruby (3.0.1)
    bson (1.6.1)
    bson_ext (1.6.1)
      bson (~> 1.6.1)
    builder (3.0.0)
    differ (0.1.2)
    eventmachine (0.12.10)
    factory_girl (2.6.3)
      activesupport (>= 2.3.9)
    i18n (0.6.0)
    minitest (2.11.3)
    mongo (1.6.1)
      bson (~> 1.6.1)
    mongo_mapper (0.11.0)
      activemodel (~> 3.0)
      activesupport (~> 3.0)
      plucky (~> 0.4.0)
    multi_json (1.1.0)
    plucky (0.4.4)
      mongo (~> 1.5)
    purdytest (1.0.0)
      minitest (~> 2.2)
    rack (1.4.1)
    rack-protection (1.2.0)
      rack
    rake (0.9.2.2)
    sass (3.1.15)
    sinatra (1.3.2)
      rack (~> 1.3, >= 1.3.6)
      rack-protection (~> 1.2)
      tilt (~> 1.3, >= 1.3.3)
    sinatra-contrib (1.3.1)
      backports (>= 2.0)
      eventmachine
      rack-protection
      rack-test
      sinatra (~> 1.3.0)
      tilt (~> 1.3)
    slim (1.1.1)
      temple (~> 0.4.0)
      tilt (~> 1.3.2)
    temple (0.4.0)
    tilt (1.3.3)

PLATFORMS
  ruby

DEPENDENCIES
  bcrypt-ruby
  bson
  bson_ext
  factory_girl
  minitest
  mm-versionable!
  mongo_mapper
  purdytest
  rack-test!
  rake
  sass
  sinatra
  sinatra-contrib
  slim
