GEM
  remote: http://rubygems.org/
  specs:
    activemodel (3.1.1)
      activesupport (= 3.1.1)
      builder (~> 3.0.0)
      i18n (~> 0.6)
    activesupport (3.1.1)
      multi_json (~> 1.0)
    backports (2.3.0)
    bson (1.3.1)
    bson_ext (1.3.1)
    builder (3.0.0)
    coffee-script (2.2.0)
      coffee-script-source
      execjs
    coffee-script-source (1.1.2)
    eventmachine (0.12.10)
    execjs (1.2.9)
      multi_json (~> 1.0)
    factory_girl (2.2.0)
      activesupport
    haml (3.1.3)
    i18n (0.6.0)
    json (1.6.1)
    libv8 (3.3.10.2)
    minitest (2.7.0)
    mongo (1.3.1)
      bson (>= 1.3.1)
    mongo_mapper (0.9.2)
      activemodel (~> 3.0)
      activesupport (~> 3.0)
      plucky (~> 0.3.8)
    multi_json (1.0.3)
    plucky (0.3.8)
      mongo (~> 1.3)
    puma (0.8.1)
      rack (~> 1.3)
    rack (1.3.5)
    rack-protection (1.1.4)
      rack
    rack-test (0.6.1)
      rack (>= 1.0)
    sass (3.1.10)
    sinatra (1.3.1)
      rack (~> 1.3, >= 1.3.4)
      rack-protection (~> 1.1, >= 1.1.2)
      tilt (~> 1.3, >= 1.3.3)
    sinatra-contrib (1.3.1)
      backports (>= 2.0)
      eventmachine
      rack-protection
      rack-test
      sinatra (~> 1.3.0)
      tilt (~> 1.3)
    sinatra-reloader (1.0)
      sinatra-contrib
    therubyracer (0.9.8)
      libv8 (~> 3.3.10)
    tilt (1.3.3)

PLATFORMS
  ruby

DEPENDENCIES
  bson (~> 1.3.1)
  bson_ext (~> 1.3.1)
  coffee-script
  coffee-script-source
  factory_girl
  haml
  json
  minitest
  mongo_mapper
  puma
  rack-test
  sass
  sinatra
  sinatra-reloader
  therubyracer
